

GROUP App
NUGET
  remote: http://api.nuget.org/v3/index.json
  specs:
    Argu (2.1)
    FParsec (1.0.2)
    FSharp.Compiler.Service (3.0)
    FSharp.Core (4.0.0.1)
    FSharpApiSearch (0.3.0-beta)
      FParsec (>= 1.0.2)
      FSharp.Compiler.Service (>= 3.0)
      FsPickler (>= 2.1)
    FsPickler (2.3)
    Suave (1.1.2)
      FSharp.Core (>= 3.1.2.5)

GROUP Build
NUGET
  remote: http://api.nuget.org/v3/index.json
  specs:
    FAKE (4.26)
    FAKE.Lib (4.28)
    FAKE.Persimmon (1.0.4)
      FAKE.Lib (>= 4.1)
      Persimmon.Console (>= 1.0.2)
    FSharp.Compiler.Service (2.0.0.6)
    FSharp.Formatting (2.14.2)
      FSharp.Compiler.Service (2.0.0.6)
      FSharpVSPowerTools.Core (>= 2.3 < 2.4)
    FSharpApiSearch.Console (0.3.0-beta)
    FSharpVSPowerTools.Core (2.3)
      FSharp.Compiler.Service (>= 2.0.0.3)
    KuduSync.NET (1.3)
    Node.js (5.3)
    Npm.js (2.13.1)
      Node.js (>= 0.12.7)
    Persimmon.Console (1.1)
GITHUB
  remote: fsdn-projects/fsdn-logo
  specs:
    favicon.ico (331db90c3e59bfb844bcf09b1bd1fb174d06e654)
    fsdn_mono.png (331db90c3e59bfb844bcf09b1bd1fb174d06e654)
GROUP Database
NUGET
  remote: http://api.nuget.org/v3/index.json
  specs:
    Argu (2.1)
    FParsec (1.0.2)
    FSharp.Compiler.Service (3.0)
    FSharp.Core (4.0.0.1)
    FSharp.Data (2.3)
      Zlib.Portable (>= 1.11) - framework: >= net45, portable-net45+sl5+win8, portable-net45+win8, portable-net45+win8+wp8+wpa81
    FsPickler (2.1)
    FsUnit (2.1)
      FSharp.Core (>= 3.1.2.5)
      NUnit (3.2)
    NUnit (3.2)
    Zlib.Portable (1.11) - framework: >= net45, portable-net45+sl5+win8, portable-net45+win8, portable-net45+win8+wp8+wpa81

GROUP Doc
NUGET
  remote: http://api.nuget.org/v3/index.json
  specs:
    FParsec (1.0.2)
    FSharp.Compiler.Service (3.0)
    FsPickler (2.1)
GITHUB
  remote: hafuu/FSharpApiSearch
  specs:
    README.md (450fe8cd579fdd26916ee7a5bb68d6d8741b3280)
      FParsec
      FSharp.Compiler.Service
      FsPickler
GROUP Test
NUGET
  remote: http://api.nuget.org/v3/index.json
  specs:
    Persimmon (1.1)
